PATH
  remote: .
  specs:
    typogruby (1.0.9)
      rubypants

GEM
  remote: http://rubygems.org/
  specs:
    aruba (0.2.4)
      background_process
      cucumber (~> 0.9.3)
    background_process (1.2)
    bluecloth (2.0.11)
    builder (2.1.2)
    cucumber (0.9.3)
      builder (~> 2.1.2)
      diff-lcs (~> 1.1.2)
      gherkin (~> 2.2.9)
      json (~> 1.4.6)
      term-ansicolor (~> 1.0.5)
    diff-lcs (1.1.2)
    gemcutter (0.6.1)
    gherkin (2.2.9)
      json (~> 1.4.6)
      term-ansicolor (~> 1.0.5)
    git (1.2.5)
    jeweler (1.4.0)
      gemcutter (>= 0.1.0)
      git (>= 1.2.5)
      rubyforge (>= 2.0.0)
    json (1.4.6)
    json_pure (1.4.6)
    rake (0.8.7)
    rcov (0.9.9)
    rubyforge (2.0.4)
      json_pure (>= 1.1.7)
    rubypants (0.2.0)
    term-ansicolor (1.0.5)
    yard (0.6.1)

PLATFORMS
  ruby

DEPENDENCIES
  aruba
  bluecloth
  cucumber
  jeweler
  rake
  rcov
  typogruby!
  yard
